GEM
  remote: http://rubygems.org/
  specs:
    kindlerb (0.1.1)
      mustache
      nokogiri
    mini_portile2 (2.4.0)
    mustache (0.99.6)
    nokogiri (1.10.4)
      mini_portile2 (~> 2.4.0)

PLATFORMS
  ruby

DEPENDENCIES
  kindlerb
  nokogiri
