GEM
  remote: http://rubygems.org/
  specs:
    kindlerb (0.1.1)
      mustache
      nokogiri
    mini_portile2 (2.8.1)
    mustache (0.99.6)
    nokogiri (1.14.3)
      mini_portile2 (~> 2.8.0)
      racc (~> 1.4)
    racc (1.6.2)

PLATFORMS
  ruby

DEPENDENCIES
  kindlerb
  nokogiri
