GEM
  remote: http://rubygems.org/
  specs:
    kindlerb (0.1.1)
      mustache
      nokogiri
    mini_portile2 (2.6.1)
    mustache (0.99.6)
    nokogiri (1.12.5)
      mini_portile2 (~> 2.6.1)
      racc (~> 1.4)
    racc (1.5.2)

PLATFORMS
  ruby

DEPENDENCIES
  kindlerb
  nokogiri
